GEM
  remote: https://rubygems.org/
  specs:
    builder (3.0.0)
    columnize (0.3.1)
    cucumber (1.1.9)
      builder (>= 2.1.2)
      diff-lcs (>= 1.1.2)
      gherkin (~> 2.9.0)
      json (>= 1.4.6)
      term-ansicolor (>= 1.0.6)
    diff-lcs (1.1.3)
    gherkin (2.9.3)
      json (>= 1.4.6)
    json (1.7.3)
    linecache (0.43)
    rake (0.9.2.2)
    rspec (2.11.0)
      rspec-core (~> 2.11.0)
      rspec-expectations (~> 2.11.0)
      rspec-mocks (~> 2.11.0)
    rspec-core (2.11.1)
    rspec-expectations (2.11.1)
      diff-lcs (~> 1.1.3)
    rspec-mocks (2.11.1)
    ruby-debug (0.10.3)
      columnize (>= 0.1)
      ruby-debug-base (~> 0.10.3.0)
    ruby-debug-base (0.10.3)
      linecache (>= 0.3)
    term-ansicolor (1.0.7)

PLATFORMS
  ruby

DEPENDENCIES
  cucumber (~> 1.1.9)
  rake (~> 0.9.2)
  rspec (~> 2.6)
  ruby-debug
